GEM
  remote: https://rubygems.org/
  specs:
    adsf (1.1.1)
      rack (>= 1.0.0)
    bootstrap-sass (2.3.1.3)
      sass (~> 3.2)
    chunky_png (1.2.8)
    coderay (1.0.9)
    coffee-script (2.2.0)
      coffee-script-source
      execjs
    coffee-script-source (1.6.2)
    colored (1.2)
    compass (0.12.2)
      chunky_png (~> 1.2)
      fssm (>= 0.2.7)
      sass (~> 3.1)
    cri (2.3.0)
      colored (>= 1.2)
    em-websocket (0.5.0)
      eventmachine (>= 0.12.9)
      http_parser.rb (~> 0.5.3)
    eventmachine (1.0.3)
    execjs (1.4.0)
      multi_json (~> 1.0)
    ffi (1.8.1)
    formatador (0.2.4)
    fssm (0.2.10)
    guard (1.8.0)
      formatador (>= 0.2.4)
      listen (>= 1.0.0)
      lumberjack (>= 1.0.2)
      pry (>= 0.9.10)
      thor (>= 0.14.6)
    guard-livereload (1.4.0)
      em-websocket (>= 0.5.0)
      guard (>= 1.8.0)
      multi_json (~> 1.7)
    haml (4.0.3)
      tilt
    http_parser.rb (0.5.3)
    json (1.8.0)
    listen (1.1.6)
      rb-fsevent (>= 0.9.3)
      rb-inotify (>= 0.9)
      rb-kqueue (>= 0.2)
    lumberjack (1.0.3)
    method_source (0.8.1)
    mime-types (1.23)
    multi_json (1.7.6)
    nanoc (3.6.4)
      cri (~> 2.3)
    nokogiri (1.5.9)
    pry (0.9.12.2)
      coderay (~> 1.0.5)
      method_source (~> 0.8)
      slop (~> 3.4)
    rack (1.5.2)
    rake (10.0.4)
    rb-fsevent (0.9.3)
    rb-inotify (0.9.0)
      ffi (>= 0.5.0)
    rb-kqueue (0.2.0)
      ffi (>= 0.5.0)
    sass (3.2.9)
    slop (3.4.5)
    thor (0.18.1)
    tilt (1.4.1)
    w3c_validators (1.2)
      json
      nokogiri

PLATFORMS
  ruby

DEPENDENCIES
  adsf
  bootstrap-sass
  coffee-script
  compass
  guard
  guard-livereload
  haml
  mime-types
  nanoc
  nokogiri
  rack
  rake
  w3c_validators
